GEM
  remote: https://rubygems.org/
  specs:
    nio4r (2.7.4)
    puma (6.6.0)
      nio4r (~> 2.0)
    rack (3.1.13)
    rack-cache (1.17.0)
      rack (>= 0.4)
    rack-test (2.2.0)
      rack (>= 1.3)

PLATFORMS
  arm64-darwin-24
  x86_64-linux

DEPENDENCIES
  puma (~> 6.6.0)
  rack (~> 3.1.13)
  rack-cache (~> 1.17)
  rack-test (~> 2.2)

BUNDLED WITH
   2.5.22
